GEM
  remote: http://rubygems.org/
  specs:
    activemodel (3.2.1)
      activesupport (= 3.2.1)
      builder (~> 3.0.0)
    activeresource (3.2.1)
      activemodel (= 3.2.1)
      activesupport (= 3.2.1)
    activesupport (3.2.1)
      i18n (~> 0.6)
      multi_json (~> 1.0)
    backports (2.3.0)
    builder (3.0.0)
    createsend (2.5.0)
      hashie (~> 1.0)
      httparty (~> 0.8)
      json
    eventmachine (0.12.10)
    hashie (1.2.0)
    highrise (3.0.3)
      activeresource (~> 3.0)
    httparty (0.9.0)
      multi_json (~> 1.0)
      multi_xml
    i18n (0.6.0)
    json (1.7.6)
    multi_json (1.1.0)
    multi_xml (0.5.1)
    newrelic_rpm (3.2.0.1)
    rack (1.4.1)
    rack-protection (1.2.0)
      rack
    rack-test (0.6.1)
      rack (>= 1.0)
    rake (0.9.2.2)
    sinatra (1.3.2)
      rack (~> 1.3, >= 1.3.6)
      rack-protection (~> 1.2)
      tilt (~> 1.3, >= 1.3.3)
    sinatra-contrib (1.3.1)
      backports (>= 2.0)
      eventmachine
      rack-protection
      rack-test
      sinatra (~> 1.3.0)
      tilt (~> 1.3)
    sinatra-reloader (1.0)
      sinatra-contrib
    tilt (1.3.3)

PLATFORMS
  ruby

DEPENDENCIES
  createsend
  highrise
  newrelic_rpm
  rake
  sinatra (~> 1.3.1)
  sinatra-reloader
