GEM
  remote: https://rubygems.org/
  specs:
    activemodel (3.2.13)
      activesupport (= 3.2.13)
      builder (~> 3.0.0)
    activeresource (3.2.13)
      activemodel (= 3.2.13)
      activesupport (= 3.2.13)
    activesupport (3.2.13)
      i18n (= 0.6.1)
      multi_json (~> 1.0)
    builder (3.0.4)
    createsend (3.1.1)
      hashie (>= 1.2, < 3)
      httparty (~> 0.10)
      json
    excon (0.20.1)
    faraday (0.9.1)
      multipart-post (>= 1.2, < 3)
    hashie (2.1.2)
    heroku-api (0.3.9)
      excon (~> 0.20.1)
    highrise (3.0.5)
      activeresource (~> 3.0)
    httparty (0.10.2)
      multi_json (~> 1.0)
      multi_xml (>= 0.5.2)
    i18n (0.6.1)
    json (1.7.7)
    jwt (1.2.0)
    multi_json (1.10.1)
    multi_xml (0.5.3)
    multipart-post (2.0.0)
    newrelic_rpm (3.6.0.78)
    oauth2 (1.0.0)
      faraday (>= 0.8, < 0.10)
      jwt (~> 1.0)
      multi_json (~> 1.3)
      multi_xml (~> 0.5)
      rack (~> 1.2)
    omniauth (1.2.2)
      hashie (>= 1.2, < 4)
      rack (~> 1.0)
    omniauth-createsend (1.0.3)
      omniauth-oauth2 (~> 1.1)
    omniauth-oauth2 (1.2.0)
      faraday (>= 0.8, < 0.10)
      multi_json (~> 1.3)
      oauth2 (~> 1.0)
      omniauth (~> 1.2)
    rack (1.6.0)
    rack-protection (1.5.0)
      rack
    rake (10.0.4)
    sinatra (1.4.2)
      rack (~> 1.5, >= 1.5.2)
      rack-protection (~> 1.4)
      tilt (~> 1.3, >= 1.3.4)
    tilt (1.3.6)

PLATFORMS
  ruby

DEPENDENCIES
  createsend (~> 3.1)
  heroku-api (~> 0.3)
  highrise (~> 3.0)
  newrelic_rpm (~> 3.6)
  omniauth-createsend (~> 1.0)
  rake (~> 10.0)
  sinatra (~> 1.4)
