GEM
  remote: https://rubygems.org/
  specs:
    activemodel (3.2.13)
      activesupport (= 3.2.13)
      builder (~> 3.0.0)
    activeresource (3.2.13)
      activemodel (= 3.2.13)
      activesupport (= 3.2.13)
    activesupport (3.2.13)
      i18n (= 0.6.1)
      multi_json (~> 1.0)
    backports (3.1.1)
    builder (3.0.4)
    createsend (3.0.0)
      hashie (>= 1.2, < 3)
      httparty (~> 0.10)
      json
    eventmachine (1.0.3)
    hashie (2.0.3)
    highrise (3.0.5)
      activeresource (~> 3.0)
    httparty (0.10.2)
      multi_json (~> 1.0)
      multi_xml (>= 0.5.2)
    i18n (0.6.1)
    json (1.7.7)
    multi_json (1.7.2)
    multi_xml (0.5.3)
    newrelic_rpm (3.6.0.78)
    rack (1.5.2)
    rack-protection (1.5.0)
      rack
    rack-test (0.6.2)
      rack (>= 1.0)
    rake (10.0.4)
    sinatra (1.3.6)
      rack (~> 1.4)
      rack-protection (~> 1.3)
      tilt (~> 1.3, >= 1.3.3)
    sinatra-contrib (1.3.2)
      backports (>= 2.0)
      eventmachine
      rack-protection
      rack-test
      sinatra (~> 1.3.0)
      tilt (~> 1.3)
    sinatra-reloader (1.0)
      sinatra-contrib
    tilt (1.3.6)

PLATFORMS
  ruby

DEPENDENCIES
  createsend (~> 3.0)
  highrise (~> 3.0)
  newrelic_rpm (~> 3.6)
  rake (~> 10.0)
  sinatra (~> 1.3)
  sinatra-reloader (~> 1.0)
